GEM
  remote: https://rubygems.org/
  specs:
    active_utils (2.0.0)
      activesupport (>= 2.3.11)
      i18n
    activemerchant (1.37.0)
      active_utils (>= 1.0.2)
      activesupport (>= 2.3.14)
      builder (>= 2.0.0)
      i18n
      json (>= 1.5.1)
      money
      nokogiri (< 1.6.0)
    activesupport (4.0.0)
      i18n (~> 0.6, >= 0.6.4)
      minitest (~> 4.2)
      multi_json (~> 1.3)
      thread_safe (~> 0.1)
      tzinfo (~> 0.3.37)
    atomic (1.1.13)
    builder (3.2.2)
    i18n (0.6.5)
    json (1.8.0)
    minitest (4.7.5)
    money (5.1.1)
      i18n (~> 0.6.0)
    multi_json (1.7.9)
    nokogiri (1.5.10)
    rack (1.5.2)
    rack-conneg (0.1.5)
      rack (>= 1.0)
    rack-protection (1.5.0)
      rack
    rack-replace-http-accept (0.0.2)
      rack
    rack-rest_api_versioning (0.0.2)
      rack
    sinatra (1.4.3)
      rack (~> 1.4)
      rack-protection (~> 1.4)
      tilt (~> 1.3, >= 1.3.4)
    thread_safe (0.1.2)
      atomic
    tilt (1.4.1)
    tzinfo (0.3.37)

PLATFORMS
  ruby

DEPENDENCIES
  activemerchant
  json
  rack-conneg
  rack-replace-http-accept
  rack-rest_api_versioning
  sinatra
